PATH
  remote: ../liebre
  specs:
    liebre (0.1.20)
      bunny (~> 2.5, >= 2.5.1)

PATH
  remote: .
  specs:
    liebre-newrelic (0.0.1)
      liebre (~> 0.1, >= 0.1.20)
      newrelic_rpm (~> 3.8, >= 3.8.0)

GEM
  remote: https://rubygems.org/
  specs:
    amq-protocol (2.1.0)
    bunny (2.6.3)
      amq-protocol (>= 2.0.1)
    coderay (1.1.1)
    diff-lcs (1.3)
    method_source (0.8.2)
    newrelic_rpm (3.18.1.330)
    pry (0.10.4)
      coderay (~> 1.1.0)
      method_source (~> 0.8.1)
      slop (~> 3.4)
    rake (12.0.0)
    rspec (3.5.0)
      rspec-core (~> 3.5.0)
      rspec-expectations (~> 3.5.0)
      rspec-mocks (~> 3.5.0)
    rspec-core (3.5.4)
      rspec-support (~> 3.5.0)
    rspec-expectations (3.5.0)
      diff-lcs (>= 1.2.0, < 2.0)
      rspec-support (~> 3.5.0)
    rspec-mocks (3.5.0)
      diff-lcs (>= 1.2.0, < 2.0)
      rspec-support (~> 3.5.0)
    rspec-support (3.5.0)
    slop (3.6.0)

PLATFORMS
  ruby

DEPENDENCIES
  bundler (~> 1.6)
  liebre!
  liebre-newrelic!
  pry
  rake
  rspec

BUNDLED WITH
   1.12.5
